GEM
  remote: https://rubygems.org/
  specs:
    activesupport (6.1.0)
      concurrent-ruby (~> 1.0, >= 1.0.2)
      i18n (>= 1.6, < 2)
      minitest (>= 5.1)
      tzinfo (~> 2.0)
      zeitwerk (~> 2.3)
    concurrent-ruby (1.1.7)
    fastercsv (1.5.5)
    fixed_width-multibyte (0.2.3)
      activesupport
    hash_digest (1.1.3)
      murmurhash3
    i18n (1.8.5)
      concurrent-ruby (~> 1.0)
    mini_portile2 (2.5.1)
    minitest (5.14.2)
    murmurhash3 (0.1.6)
    nokogiri (1.11.5)
      mini_portile2 (~> 2.5.0)
      racc (~> 1.4)
    racc (1.5.2)
    remote_table (3.3.3)
      activesupport (>= 2.3.4)
      fastercsv (>= 1.5.0)
      fixed_width-multibyte (>= 0.2.3)
      hash_digest (>= 1.1.3)
      i18n
      roo (>= 1.11)
      unix_utils (>= 0.0.8)
    roo (2.8.3)
      nokogiri (~> 1)
      rubyzip (>= 1.3.0, < 3.0.0)
    roo-xls (1.2.0)
      nokogiri
      roo (>= 2.0.0, < 3)
      spreadsheet (> 0.9.0)
    ruby-ole (1.2.12.2)
    rubyzip (2.3.0)
    spreadsheet (1.2.6)
      ruby-ole (>= 1.0)
    tzinfo (2.0.4)
      concurrent-ruby (~> 1.0)
    unix_utils (0.0.15)
    zeitwerk (2.4.2)

PLATFORMS
  ruby

DEPENDENCIES
  remote_table
  roo-xls

BUNDLED WITH
   1.17.2
